PATH
  remote: client
  specs:
    dropbox_monitor (0.0.1)

GEM
  remote: https://rubygems.org/
  specs:
    addressable (2.3.5)
    artifice (0.6)
      rack-test
    crack (0.4.1)
      safe_yaml (~> 0.9.0)
    diff-lcs (1.2.5)
    dotenv (0.9.0)
    dropbox-sdk (1.6.2)
      json
    haml (4.0.3)
      tilt
    json (1.8.1)
    rack (1.5.2)
    rack-protection (1.5.1)
      rack
    rack-test (0.6.2)
      rack (>= 1.0)
    rspec (2.14.1)
      rspec-core (~> 2.14.0)
      rspec-expectations (~> 2.14.0)
      rspec-mocks (~> 2.14.0)
    rspec-core (2.14.7)
    rspec-expectations (2.14.4)
      diff-lcs (>= 1.1.3, < 2.0)
    rspec-mocks (2.14.4)
    safe_yaml (0.9.7)
    sinatra (1.4.4)
      rack (~> 1.4)
      rack-protection (~> 1.4)
      tilt (~> 1.3, >= 1.3.4)
    tilt (1.4.1)
    webmock (1.15.2)
      addressable (>= 2.2.7)
      crack (>= 0.3.2)

PLATFORMS
  ruby

DEPENDENCIES
  artifice
  dotenv
  dropbox-sdk
  dropbox_monitor!
  haml
  rack-test
  rspec
  sinatra
  webmock
